GEM
  remote: https://rubygems.org/
  specs:
<<<<<<< HEAD
    colorize (0.8.1)
=======
    catpix (0.2.0)
      docopt (~> 0.5, >= 0.5.0)
      rmagick (~> 2.15, >= 2.15.2)
      ruby-terminfo (~> 0.1, >= 0.1.1)
      tco (~> 0.1, >= 0.1.8)
    docopt (0.6.1)
    rmagick (2.16.0)
    ruby-terminfo (0.1.1)
    tco (0.1.8)
>>>>>>> a4ec726c4ea346aa137a702a8b64b4637f2b123b

PLATFORMS
  ruby

DEPENDENCIES
<<<<<<< HEAD
  colorize (~> 0.8.1)
=======
  catpix
>>>>>>> a4ec726c4ea346aa137a702a8b64b4637f2b123b

BUNDLED WITH
   2.0.1
